STORAGE: NONE
RESTRICTION: == net8.0
NUGET
  remote: https://api.nuget.org/v3/index.json
    BlackFox.VsWhere (1.1)
      FSharp.Core (>= 4.2.3)
      Microsoft.Win32.Registry (>= 4.7)
    Fake.Core.CommandLineParsing (6.0)
      FParsec (>= 1.1.1)
      FSharp.Core (>= 6.0.3)
    Fake.Core.Context (6.0)
      FSharp.Core (>= 6.0.3)
    Fake.Core.Environment (6.0)
      FSharp.Core (>= 6.0.3)
    Fake.Core.FakeVar (6.0)
      Fake.Core.Context (>= 6.0)
      FSharp.Core (>= 6.0.3)
    Fake.Core.Process (6.0)
      Fake.Core.Environment (>= 6.0)
      Fake.Core.FakeVar (>= 6.0)
      Fake.Core.String (>= 6.0)
      Fake.Core.Trace (>= 6.0)
      Fake.IO.FileSystem (>= 6.0)
      FSharp.Core (>= 6.0.3)
      System.Collections.Immutable (>= 6.0)
    Fake.Core.ReleaseNotes (6.0)
      Fake.Core.SemVer (>= 6.0)
      Fake.Core.String (>= 6.0)
      FSharp.Core (>= 6.0.3)
    Fake.Core.SemVer (6.0)
      FSharp.Core (>= 6.0.3)
    Fake.Core.String (6.0)
      FSharp.Core (>= 6.0.3)
    Fake.Core.Target (6.0)
      Fake.Core.CommandLineParsing (>= 6.0)
      Fake.Core.Context (>= 6.0)
      Fake.Core.Environment (>= 6.0)
      Fake.Core.FakeVar (>= 6.0)
      Fake.Core.Process (>= 6.0)
      Fake.Core.String (>= 6.0)
      Fake.Core.Trace (>= 6.0)
      FSharp.Control.Reactive (>= 5.0.2)
      FSharp.Core (>= 6.0.3)
    Fake.Core.Tasks (6.0)
      Fake.Core.Trace (>= 6.0)
      FSharp.Core (>= 6.0.3)
    Fake.Core.Trace (6.0)
      Fake.Core.Environment (>= 6.0)
      Fake.Core.FakeVar (>= 6.0)
      FSharp.Core (>= 6.0.3)
    Fake.Core.UserInput (6.0)
      FSharp.Core (>= 6.0.3)
    Fake.Core.Xml (6.0)
      Fake.Core.String (>= 6.0)
      FSharp.Core (>= 6.0.3)
    FAKE.Dotnet (2.0)
    Fake.DotNet.Cli (6.0)
      Fake.Core.Environment (>= 6.0)
      Fake.Core.Process (>= 6.0)
      Fake.Core.String (>= 6.0)
      Fake.Core.Trace (>= 6.0)
      Fake.DotNet.MSBuild (>= 6.0)
      Fake.DotNet.NuGet (>= 6.0)
      Fake.IO.FileSystem (>= 6.0)
      FSharp.Core (>= 6.0.3)
      Mono.Posix.NETStandard (>= 1.0)
      Newtonsoft.Json (>= 13.0.1)
    Fake.DotNet.MSBuild (6.0)
      BlackFox.VsWhere (>= 1.1)
      Fake.Core.Environment (>= 6.0)
      Fake.Core.Process (>= 6.0)
      Fake.Core.String (>= 6.0)
      Fake.Core.Trace (>= 6.0)
      Fake.IO.FileSystem (>= 6.0)
      FSharp.Core (>= 6.0.3)
      MSBuild.StructuredLogger (>= 2.1.545)
    Fake.DotNet.NuGet (6.0)
      Fake.Core.Environment (>= 6.0)
      Fake.Core.Process (>= 6.0)
      Fake.Core.SemVer (>= 6.0)
      Fake.Core.String (>= 6.0)
      Fake.Core.Tasks (>= 6.0)
      Fake.Core.Trace (>= 6.0)
      Fake.Core.Xml (>= 6.0)
      Fake.IO.FileSystem (>= 6.0)
      Fake.Net.Http (>= 6.0)
      FSharp.Core (>= 6.0.3)
      Newtonsoft.Json (>= 13.0.1)
      NuGet.Protocol (>= 6.0)
    Fake.IO.FileSystem (6.0)
      Fake.Core.String (>= 6.0)
      Fake.Core.Trace (>= 6.0)
      FSharp.Core (>= 6.0.3)
    Fake.Net.Http (6.0)
      Fake.Core.Trace (>= 6.0)
      FSharp.Core (>= 6.0.3)
    Fake.Tools.Git (6.0)
      Fake.Core.Environment (>= 6.0)
      Fake.Core.Process (>= 6.0)
      Fake.Core.SemVer (>= 6.0)
      Fake.Core.String (>= 6.0)
      Fake.Core.Trace (>= 6.0)
      Fake.IO.FileSystem (>= 6.0)
      FSharp.Core (>= 6.0.3)
    Farmer (1.8.9)
      FSharp.Core (>= 5.0)
      System.Text.Json (>= 5.0)
    FParsec (1.1.1)
      FSharp.Core (>= 4.3.4)
    FSharp.Control.Reactive (5.0.5)
      FSharp.Core (>= 4.7.2)
      System.Reactive (>= 5.0 < 6.0)
    FSharp.Core (8.0.300)
    Microsoft.Build.Framework (17.10.4)
    Microsoft.Build.Utilities.Core (17.10.4)
      Microsoft.Build.Framework (>= 17.10.4)
      Microsoft.NET.StringTools (>= 17.10.4)
      System.Collections.Immutable (>= 8.0)
      System.Configuration.ConfigurationManager (>= 8.0)
    Microsoft.NET.StringTools (17.10.4)
    Microsoft.Win32.Registry (5.0)
      System.Security.AccessControl (>= 5.0)
      System.Security.Principal.Windows (>= 5.0)
    Mono.Posix.NETStandard (1.0)
    MSBuild.StructuredLogger (2.2.243)
      Microsoft.Build.Framework (>= 17.5)
      Microsoft.Build.Utilities.Core (>= 17.5)
    Newtonsoft.Json (13.0.3)
    NuGet.Common (6.10)
      NuGet.Frameworks (>= 6.10)
    NuGet.Configuration (6.10)
      NuGet.Common (>= 6.10)
      System.Security.Cryptography.ProtectedData (>= 4.4)
    NuGet.Frameworks (6.10)
    NuGet.Packaging (6.10)
      Newtonsoft.Json (>= 13.0.3)
      NuGet.Configuration (>= 6.10)
      NuGet.Versioning (>= 6.10)
      System.Security.Cryptography.Pkcs (>= 6.0.4)
    NuGet.Protocol (6.10)
      NuGet.Packaging (>= 6.10)
    NuGet.Versioning (6.10)
    System.Collections.Immutable (8.0)
    System.Configuration.ConfigurationManager (8.0)
      System.Diagnostics.EventLog (>= 8.0)
      System.Security.Cryptography.ProtectedData (>= 8.0)
    System.Diagnostics.EventLog (8.0)
    System.Formats.Asn1 (8.0)
    System.Reactive (5.0)
    System.Security.AccessControl (6.0.1)
    System.Security.Cryptography.Pkcs (8.0)
      System.Formats.Asn1 (>= 8.0)
    System.Security.Cryptography.ProtectedData (8.0)
    System.Security.Principal.Windows (5.0)
    System.Text.Encodings.Web (8.0)
    System.Text.Json (8.0.3)
      System.Text.Encodings.Web (>= 8.0)

GROUP AzureTackle
STORAGE: NONE
RESTRICTION: == net8.0
NUGET
  remote: https://api.nuget.org/v3/index.json
    FSharp.Core (8.0.300)
    Microsoft.Azure.Cosmos.Table (1.0.8)
      Microsoft.Azure.DocumentDB.Core (>= 2.11.2)
      Microsoft.OData.Core (>= 7.6.4)
      Newtonsoft.Json (>= 10.0.2)
    Microsoft.Azure.DocumentDB.Core (2.22)
      NETStandard.Library (>= 1.6)
      Newtonsoft.Json (>= 9.0.1)
      System.Collections.Immutable (>= 1.3)
      System.Collections.NonGeneric (>= 4.0.1)
      System.Collections.Specialized (>= 4.0.1)
      System.Diagnostics.TraceSource (>= 4.0)
      System.Dynamic.Runtime (>= 4.0.11)
      System.Linq.Queryable (>= 4.0.1)
      System.Net.Http (>= 4.3.4)
      System.Net.NameResolution (>= 4.0)
      System.Net.NetworkInformation (>= 4.1)
      System.Net.Requests (>= 4.0.11)
      System.Net.Security (>= 4.3.2)
      System.Net.WebHeaderCollection (>= 4.0.1)
      System.Runtime.Serialization.Primitives (>= 4.1.1)
      System.Security.SecureString (>= 4.0)
      System.Threading.Tasks.Extensions (>= 4.5.4)
      System.ValueTuple (>= 4.5)
    Microsoft.Bcl.AsyncInterfaces (8.0)
    Microsoft.Extensions.ObjectPool (8.0.6)
    Microsoft.NETCore.Platforms (7.0.4)
    Microsoft.NETCore.Targets (5.0)
    Microsoft.OData.Core (7.21.2)
      Microsoft.Bcl.AsyncInterfaces (>= 8.0)
      Microsoft.Extensions.ObjectPool (>= 6.0.3)
      Microsoft.OData.Edm (7.21.2)
      Microsoft.Spatial (7.21.2)
    Microsoft.OData.Edm (7.21.2)
      System.Runtime.CompilerServices.Unsafe (>= 4.6)
      System.Text.Encodings.Web (>= 4.7.2)
      System.Text.Json (>= 4.6)
    Microsoft.Spatial (7.21.2)
    Microsoft.Win32.Primitives (4.3)
      Microsoft.NETCore.Platforms (>= 1.1)
      Microsoft.NETCore.Targets (>= 1.1)
      System.Runtime (>= 4.3)
    NETStandard.Library (2.0.3)
      Microsoft.NETCore.Platforms (>= 1.1)
    Newtonsoft.Json (13.0.3)
    runtime.debian.8-x64.runtime.native.System.Security.Cryptography.OpenSsl (4.3.3)
    runtime.debian.9-x64.runtime.native.System.Security.Cryptography.OpenSsl (4.3.3)
    runtime.fedora.23-x64.runtime.native.System.Security.Cryptography.OpenSsl (4.3.3)
    runtime.fedora.24-x64.runtime.native.System.Security.Cryptography.OpenSsl (4.3.3)
    runtime.fedora.27-x64.runtime.native.System.Security.Cryptography.OpenSsl (4.3.3)
    runtime.fedora.28-x64.runtime.native.System.Security.Cryptography.OpenSsl (4.3.3)
    runtime.native.System (4.3.1)
      Microsoft.NETCore.Platforms (>= 1.1.1)
      Microsoft.NETCore.Targets (>= 1.1.3)
    runtime.native.System.Net.Http (4.3.1)
      Microsoft.NETCore.Platforms (>= 1.1.1)
      Microsoft.NETCore.Targets (>= 1.1.3)
    runtime.native.System.Net.Security (4.3.1)
      Microsoft.NETCore.Platforms (>= 1.1.1)
      Microsoft.NETCore.Targets (>= 1.1.3)
    runtime.native.System.Security.Cryptography.Apple (4.3.1)
      runtime.osx.10.10-x64.runtime.native.System.Security.Cryptography.Apple (>= 4.3.1)
    runtime.native.System.Security.Cryptography.OpenSsl (4.3.3)
      runtime.debian.8-x64.runtime.native.System.Security.Cryptography.OpenSsl (>= 4.3.3)
      runtime.debian.9-x64.runtime.native.System.Security.Cryptography.OpenSsl (>= 4.3.3)
      runtime.fedora.23-x64.runtime.native.System.Security.Cryptography.OpenSsl (>= 4.3.3)
      runtime.fedora.24-x64.runtime.native.System.Security.Cryptography.OpenSsl (>= 4.3.3)
      runtime.fedora.27-x64.runtime.native.System.Security.Cryptography.OpenSsl (>= 4.3.3)
      runtime.fedora.28-x64.runtime.native.System.Security.Cryptography.OpenSsl (>= 4.3.3)
      runtime.opensuse.13.2-x64.runtime.native.System.Security.Cryptography.OpenSsl (>= 4.3.3)
      runtime.opensuse.42.1-x64.runtime.native.System.Security.Cryptography.OpenSsl (>= 4.3.3)
      runtime.opensuse.42.3-x64.runtime.native.System.Security.Cryptography.OpenSsl (>= 4.3.3)
      runtime.osx.10.10-x64.runtime.native.System.Security.Cryptography.OpenSsl (>= 4.3.3)
      runtime.rhel.7-x64.runtime.native.System.Security.Cryptography.OpenSsl (>= 4.3.3)
      runtime.ubuntu.14.04-x64.runtime.native.System.Security.Cryptography.OpenSsl (>= 4.3.3)
      runtime.ubuntu.16.04-x64.runtime.native.System.Security.Cryptography.OpenSsl (>= 4.3.3)
      runtime.ubuntu.16.10-x64.runtime.native.System.Security.Cryptography.OpenSsl (>= 4.3.3)
      runtime.ubuntu.18.04-x64.runtime.native.System.Security.Cryptography.OpenSsl (>= 4.3.3)
    runtime.opensuse.13.2-x64.runtime.native.System.Security.Cryptography.OpenSsl (4.3.3)
    runtime.opensuse.42.1-x64.runtime.native.System.Security.Cryptography.OpenSsl (4.3.3)
    runtime.opensuse.42.3-x64.runtime.native.System.Security.Cryptography.OpenSsl (4.3.3)
    runtime.osx.10.10-x64.runtime.native.System.Security.Cryptography.Apple (4.3.1)
    runtime.osx.10.10-x64.runtime.native.System.Security.Cryptography.OpenSsl (4.3.3)
    runtime.rhel.7-x64.runtime.native.System.Security.Cryptography.OpenSsl (4.3.3)
    runtime.ubuntu.14.04-x64.runtime.native.System.Security.Cryptography.OpenSsl (4.3.3)
    runtime.ubuntu.16.04-x64.runtime.native.System.Security.Cryptography.OpenSsl (4.3.3)
    runtime.ubuntu.16.10-x64.runtime.native.System.Security.Cryptography.OpenSsl (4.3.3)
    runtime.ubuntu.18.04-x64.runtime.native.System.Security.Cryptography.OpenSsl (4.3.3)
    System.Collections (4.3)
      Microsoft.NETCore.Platforms (>= 1.1)
      Microsoft.NETCore.Targets (>= 1.1)
      System.Runtime (>= 4.3)
    System.Collections.Concurrent (4.3)
      System.Collections (>= 4.3)
      System.Diagnostics.Debug (>= 4.3)
      System.Diagnostics.Tracing (>= 4.3)
      System.Globalization (>= 4.3)
      System.Reflection (>= 4.3)
      System.Resources.ResourceManager (>= 4.3)
      System.Runtime (>= 4.3)
      System.Runtime.Extensions (>= 4.3)
      System.Threading (>= 4.3)
      System.Threading.Tasks (>= 4.3)
    System.Collections.Immutable (8.0)
    System.Collections.NonGeneric (4.3)
      System.Diagnostics.Debug (>= 4.3)
      System.Globalization (>= 4.3)
      System.Resources.ResourceManager (>= 4.3)
      System.Runtime (>= 4.3)
      System.Runtime.Extensions (>= 4.3)
      System.Threading (>= 4.3)
    System.Collections.Specialized (4.3)
      System.Collections.NonGeneric (>= 4.3)
      System.Globalization (>= 4.3)
      System.Globalization.Extensions (>= 4.3)
      System.Resources.ResourceManager (>= 4.3)
      System.Runtime (>= 4.3)
      System.Runtime.Extensions (>= 4.3)
      System.Threading (>= 4.3)
    System.Diagnostics.Debug (4.3)
      Microsoft.NETCore.Platforms (>= 1.1)
      Microsoft.NETCore.Targets (>= 1.1)
      System.Runtime (>= 4.3)
    System.Diagnostics.DiagnosticSource (8.0.1)
    System.Diagnostics.TraceSource (4.3)
      Microsoft.NETCore.Platforms (>= 1.1)
      runtime.native.System (>= 4.3)
      System.Collections (>= 4.3)
      System.Diagnostics.Debug (>= 4.3)
      System.Globalization (>= 4.3)
      System.Resources.ResourceManager (>= 4.3)
      System.Runtime (>= 4.3)
      System.Runtime.Extensions (>= 4.3)
      System.Threading (>= 4.3)
    System.Diagnostics.Tracing (4.3)
      Microsoft.NETCore.Platforms (>= 1.1)
      Microsoft.NETCore.Targets (>= 1.1)
      System.Runtime (>= 4.3)
    System.Dynamic.Runtime (4.3)
      System.Collections (>= 4.3)
      System.Diagnostics.Debug (>= 4.3)
      System.Linq (>= 4.3)
      System.Linq.Expressions (>= 4.3)
      System.ObjectModel (>= 4.3)
      System.Reflection (>= 4.3)
      System.Reflection.Emit (>= 4.3)
      System.Reflection.Emit.ILGeneration (>= 4.3)
      System.Reflection.Primitives (>= 4.3)
      System.Reflection.TypeExtensions (>= 4.3)
      System.Resources.ResourceManager (>= 4.3)
      System.Runtime (>= 4.3)
      System.Runtime.Extensions (>= 4.3)
      System.Threading (>= 4.3)
    System.Formats.Asn1 (8.0)
    System.Globalization (4.3)
      Microsoft.NETCore.Platforms (>= 1.1)
      Microsoft.NETCore.Targets (>= 1.1)
      System.Runtime (>= 4.3)
    System.Globalization.Calendars (4.3)
      Microsoft.NETCore.Platforms (>= 1.1)
      Microsoft.NETCore.Targets (>= 1.1)
      System.Globalization (>= 4.3)
      System.Runtime (>= 4.3)
    System.Globalization.Extensions (4.3)
      Microsoft.NETCore.Platforms (>= 1.1)
      System.Globalization (>= 4.3)
      System.Resources.ResourceManager (>= 4.3)
      System.Runtime (>= 4.3)
      System.Runtime.Extensions (>= 4.3)
      System.Runtime.InteropServices (>= 4.3)
    System.IO (4.3)
      Microsoft.NETCore.Platforms (>= 1.1)
      Microsoft.NETCore.Targets (>= 1.1)
      System.Runtime (>= 4.3)
      System.Text.Encoding (>= 4.3)
      System.Threading.Tasks (>= 4.3)
    System.IO.FileSystem (4.3)
      Microsoft.NETCore.Platforms (>= 1.1)
      Microsoft.NETCore.Targets (>= 1.1)
      System.IO (>= 4.3)
      System.IO.FileSystem.Primitives (>= 4.3)
      System.Runtime (>= 4.3)
      System.Runtime.Handles (>= 4.3)
      System.Text.Encoding (>= 4.3)
      System.Threading.Tasks (>= 4.3)
    System.IO.FileSystem.Primitives (4.3)
      System.Runtime (>= 4.3)
    System.Linq (4.3)
      System.Collections (>= 4.3)
      System.Diagnostics.Debug (>= 4.3)
      System.Resources.ResourceManager (>= 4.3)
      System.Runtime (>= 4.3)
      System.Runtime.Extensions (>= 4.3)
    System.Linq.Expressions (4.3)
      System.Collections (>= 4.3)
      System.Diagnostics.Debug (>= 4.3)
      System.Globalization (>= 4.3)
      System.IO (>= 4.3)
      System.Linq (>= 4.3)
      System.ObjectModel (>= 4.3)
      System.Reflection (>= 4.3)
      System.Reflection.Emit (>= 4.3)
      System.Reflection.Emit.ILGeneration (>= 4.3)
      System.Reflection.Emit.Lightweight (>= 4.3)
      System.Reflection.Extensions (>= 4.3)
      System.Reflection.Primitives (>= 4.3)
      System.Reflection.TypeExtensions (>= 4.3)
      System.Resources.ResourceManager (>= 4.3)
      System.Runtime (>= 4.3)
      System.Runtime.Extensions (>= 4.3)
      System.Threading (>= 4.3)
    System.Linq.Queryable (4.3)
      System.Collections (>= 4.3)
      System.Diagnostics.Debug (>= 4.3)
      System.Linq (>= 4.3)
      System.Linq.Expressions (>= 4.3)
      System.Reflection (>= 4.3)
      System.Reflection.Extensions (>= 4.3)
      System.Resources.ResourceManager (>= 4.3)
      System.Runtime (>= 4.3)
    System.Net.Http (4.3.4)
      Microsoft.NETCore.Platforms (>= 1.1.1)
      runtime.native.System (>= 4.3)
      runtime.native.System.Net.Http (>= 4.3)
      runtime.native.System.Security.Cryptography.OpenSsl (>= 4.3.2)
      System.Collections (>= 4.3)
      System.Diagnostics.Debug (>= 4.3)
      System.Diagnostics.DiagnosticSource (>= 4.3)
      System.Diagnostics.Tracing (>= 4.3)
      System.Globalization (>= 4.3)
      System.Globalization.Extensions (>= 4.3)
      System.IO (>= 4.3)
      System.IO.FileSystem (>= 4.3)
      System.Net.Primitives (>= 4.3)
      System.Resources.ResourceManager (>= 4.3)
      System.Runtime (>= 4.3)
      System.Runtime.Extensions (>= 4.3)
      System.Runtime.Handles (>= 4.3)
      System.Runtime.InteropServices (>= 4.3)
      System.Security.Cryptography.Algorithms (>= 4.3)
      System.Security.Cryptography.Encoding (>= 4.3)
      System.Security.Cryptography.OpenSsl (>= 4.3)
      System.Security.Cryptography.Primitives (>= 4.3)
      System.Security.Cryptography.X509Certificates (>= 4.3)
      System.Text.Encoding (>= 4.3)
      System.Threading (>= 4.3)
      System.Threading.Tasks (>= 4.3)
    System.Net.NameResolution (4.3)
      Microsoft.NETCore.Platforms (>= 1.1)
      runtime.native.System (>= 4.3)
      System.Collections (>= 4.3)
      System.Diagnostics.Tracing (>= 4.3)
      System.Globalization (>= 4.3)
      System.Net.Primitives (>= 4.3)
      System.Resources.ResourceManager (>= 4.3)
      System.Runtime (>= 4.3)
      System.Runtime.Extensions (>= 4.3)
      System.Runtime.Handles (>= 4.3)
      System.Runtime.InteropServices (>= 4.3)
      System.Security.Principal.Windows (>= 4.3)
      System.Threading (>= 4.3)
      System.Threading.Tasks (>= 4.3)
    System.Net.NetworkInformation (4.3)
      Microsoft.NETCore.Platforms (>= 1.1)
      Microsoft.Win32.Primitives (>= 4.3)
      runtime.native.System (>= 4.3)
      System.Collections (>= 4.3)
      System.Diagnostics.Tracing (>= 4.3)
      System.Globalization (>= 4.3)
      System.IO (>= 4.3)
      System.IO.FileSystem (>= 4.3)
      System.IO.FileSystem.Primitives (>= 4.3)
      System.Linq (>= 4.3)
      System.Net.Primitives (>= 4.3)
      System.Net.Sockets (>= 4.3)
      System.Resources.ResourceManager (>= 4.3)
      System.Runtime (>= 4.3)
      System.Runtime.Extensions (>= 4.3)
      System.Runtime.Handles (>= 4.3)
      System.Runtime.InteropServices (>= 4.3)
      System.Security.Principal.Windows (>= 4.3)
      System.Threading (>= 4.3)
      System.Threading.Overlapped (>= 4.3)
      System.Threading.Tasks (>= 4.3)
      System.Threading.Thread (>= 4.3)
      System.Threading.ThreadPool (>= 4.3)
    System.Net.Primitives (4.3.1)
      Microsoft.NETCore.Platforms (>= 1.1.1)
      Microsoft.NETCore.Targets (>= 1.1.3)
      System.Runtime (>= 4.3.1)
      System.Runtime.Handles (>= 4.3)
    System.Net.Requests (4.3)
      Microsoft.NETCore.Platforms (>= 1.1)
      System.Collections (>= 4.3)
      System.Diagnostics.Debug (>= 4.3)
      System.Diagnostics.Tracing (>= 4.3)
      System.Globalization (>= 4.3)
      System.IO (>= 4.3)
      System.Net.Http (>= 4.3)
      System.Net.Primitives (>= 4.3)
      System.Net.WebHeaderCollection (>= 4.3)
      System.Resources.ResourceManager (>= 4.3)
      System.Runtime (>= 4.3)
      System.Threading (>= 4.3)
      System.Threading.Tasks (>= 4.3)
    System.Net.Security (4.3.2)
      Microsoft.NETCore.Platforms (>= 1.1)
      Microsoft.Win32.Primitives (>= 4.3)
      runtime.native.System (>= 4.3)
      runtime.native.System.Net.Security (>= 4.3)
      runtime.native.System.Security.Cryptography.OpenSsl (>= 4.3.2)
      System.Collections (>= 4.3)
      System.Collections.Concurrent (>= 4.3)
      System.Diagnostics.Tracing (>= 4.3)
      System.Globalization (>= 4.3)
      System.Globalization.Extensions (>= 4.3)
      System.IO (>= 4.3)
      System.Net.Primitives (>= 4.3)
      System.Resources.ResourceManager (>= 4.3)
      System.Runtime (>= 4.3)
      System.Runtime.Extensions (>= 4.3)
      System.Runtime.Handles (>= 4.3)
      System.Runtime.InteropServices (>= 4.3)
      System.Security.Claims (>= 4.3)
      System.Security.Cryptography.Algorithms (>= 4.3)
      System.Security.Cryptography.Encoding (>= 4.3)
      System.Security.Cryptography.OpenSsl (>= 4.3)
      System.Security.Cryptography.Primitives (>= 4.3)
      System.Security.Cryptography.X509Certificates (>= 4.3)
      System.Security.Principal (>= 4.3)
      System.Text.Encoding (>= 4.3)
      System.Threading (>= 4.3)
      System.Threading.Tasks (>= 4.3)
      System.Threading.ThreadPool (>= 4.3)
    System.Net.Sockets (4.3)
      Microsoft.NETCore.Platforms (>= 1.1)
      Microsoft.NETCore.Targets (>= 1.1)
      System.IO (>= 4.3)
      System.Net.Primitives (>= 4.3)
      System.Runtime (>= 4.3)
      System.Threading.Tasks (>= 4.3)
    System.Net.WebHeaderCollection (4.3)
      System.Collections (>= 4.3)
      System.Resources.ResourceManager (>= 4.3)
      System.Runtime (>= 4.3)
      System.Runtime.Extensions (>= 4.3)
    System.ObjectModel (4.3)
      System.Collections (>= 4.3)
      System.Diagnostics.Debug (>= 4.3)
      System.Resources.ResourceManager (>= 4.3)
      System.Runtime (>= 4.3)
      System.Threading (>= 4.3)
    System.Reflection (4.3)
      Microsoft.NETCore.Platforms (>= 1.1)
      Microsoft.NETCore.Targets (>= 1.1)
      System.IO (>= 4.3)
      System.Reflection.Primitives (>= 4.3)
      System.Runtime (>= 4.3)
    System.Reflection.Emit (4.7)
    System.Reflection.Emit.ILGeneration (4.7)
    System.Reflection.Emit.Lightweight (4.7)
    System.Reflection.Extensions (4.3)
      Microsoft.NETCore.Platforms (>= 1.1)
      Microsoft.NETCore.Targets (>= 1.1)
      System.Reflection (>= 4.3)
      System.Runtime (>= 4.3)
    System.Reflection.Primitives (4.3)
      Microsoft.NETCore.Platforms (>= 1.1)
      Microsoft.NETCore.Targets (>= 1.1)
      System.Runtime (>= 4.3)
    System.Reflection.TypeExtensions (4.7)
    System.Resources.ResourceManager (4.3)
      Microsoft.NETCore.Platforms (>= 1.1)
      Microsoft.NETCore.Targets (>= 1.1)
      System.Globalization (>= 4.3)
      System.Reflection (>= 4.3)
      System.Runtime (>= 4.3)
    System.Runtime (4.3.1)
      Microsoft.NETCore.Platforms (>= 1.1.1)
      Microsoft.NETCore.Targets (>= 1.1.3)
    System.Runtime.CompilerServices.Unsafe (6.0)
    System.Runtime.Extensions (4.3.1)
      Microsoft.NETCore.Platforms (>= 1.1.1)
      Microsoft.NETCore.Targets (>= 1.1.3)
      System.Runtime (>= 4.3.1)
    System.Runtime.Handles (4.3)
      Microsoft.NETCore.Platforms (>= 1.1)
      Microsoft.NETCore.Targets (>= 1.1)
      System.Runtime (>= 4.3)
    System.Runtime.InteropServices (4.3)
      Microsoft.NETCore.Platforms (>= 1.1)
      Microsoft.NETCore.Targets (>= 1.1)
      System.Reflection (>= 4.3)
      System.Reflection.Primitives (>= 4.3)
      System.Runtime (>= 4.3)
      System.Runtime.Handles (>= 4.3)
    System.Runtime.Numerics (4.3)
      System.Globalization (>= 4.3)
      System.Resources.ResourceManager (>= 4.3)
      System.Runtime (>= 4.3)
      System.Runtime.Extensions (>= 4.3)
    System.Runtime.Serialization.Primitives (4.3)
      System.Resources.ResourceManager (>= 4.3)
      System.Runtime (>= 4.3)
    System.Security.Claims (4.3)
      System.Collections (>= 4.3)
      System.Globalization (>= 4.3)
      System.IO (>= 4.3)
      System.Resources.ResourceManager (>= 4.3)
      System.Runtime (>= 4.3)
      System.Runtime.Extensions (>= 4.3)
      System.Security.Principal (>= 4.3)
    System.Security.Cryptography.Algorithms (4.3.1)
      Microsoft.NETCore.Platforms (>= 1.1)
      runtime.native.System.Security.Cryptography.Apple (>= 4.3.1)
      runtime.native.System.Security.Cryptography.OpenSsl (>= 4.3.2)
      System.Collections (>= 4.3)
      System.IO (>= 4.3)
      System.Resources.ResourceManager (>= 4.3)
      System.Runtime (>= 4.3)
      System.Runtime.Extensions (>= 4.3)
      System.Runtime.Handles (>= 4.3)
      System.Runtime.InteropServices (>= 4.3)
      System.Runtime.Numerics (>= 4.3)
      System.Security.Cryptography.Encoding (>= 4.3)
      System.Security.Cryptography.Primitives (>= 4.3)
      System.Text.Encoding (>= 4.3)
    System.Security.Cryptography.Cng (5.0)
      System.Formats.Asn1 (>= 5.0)
    System.Security.Cryptography.Csp (4.3)
      Microsoft.NETCore.Platforms (>= 1.1)
      System.IO (>= 4.3)
      System.Reflection (>= 4.3)
      System.Resources.ResourceManager (>= 4.3)
      System.Runtime (>= 4.3)
      System.Runtime.Extensions (>= 4.3)
      System.Runtime.Handles (>= 4.3)
      System.Runtime.InteropServices (>= 4.3)
      System.Security.Cryptography.Algorithms (>= 4.3)
      System.Security.Cryptography.Encoding (>= 4.3)
      System.Security.Cryptography.Primitives (>= 4.3)
      System.Text.Encoding (>= 4.3)
      System.Threading (>= 4.3)
    System.Security.Cryptography.Encoding (4.3)
      Microsoft.NETCore.Platforms (>= 1.1)
      runtime.native.System.Security.Cryptography.OpenSsl (>= 4.3)
      System.Collections (>= 4.3)
      System.Collections.Concurrent (>= 4.3)
      System.Linq (>= 4.3)
      System.Resources.ResourceManager (>= 4.3)
      System.Runtime (>= 4.3)
      System.Runtime.Extensions (>= 4.3)
      System.Runtime.Handles (>= 4.3)
      System.Runtime.InteropServices (>= 4.3)
      System.Security.Cryptography.Primitives (>= 4.3)
      System.Text.Encoding (>= 4.3)
    System.Security.Cryptography.OpenSsl (5.0)
      System.Formats.Asn1 (>= 5.0)
    System.Security.Cryptography.Primitives (4.3)
      System.Diagnostics.Debug (>= 4.3)
      System.Globalization (>= 4.3)
      System.IO (>= 4.3)
      System.Resources.ResourceManager (>= 4.3)
      System.Runtime (>= 4.3)
      System.Threading (>= 4.3)
      System.Threading.Tasks (>= 4.3)
    System.Security.Cryptography.X509Certificates (4.3.2)
      Microsoft.NETCore.Platforms (>= 1.1)
      runtime.native.System (>= 4.3)
      runtime.native.System.Net.Http (>= 4.3)
      runtime.native.System.Security.Cryptography.OpenSsl (>= 4.3.2)
      System.Collections (>= 4.3)
      System.Diagnostics.Debug (>= 4.3)
      System.Globalization (>= 4.3)
      System.Globalization.Calendars (>= 4.3)
      System.IO (>= 4.3)
      System.IO.FileSystem (>= 4.3)
      System.IO.FileSystem.Primitives (>= 4.3)
      System.Resources.ResourceManager (>= 4.3)
      System.Runtime (>= 4.3)
      System.Runtime.Extensions (>= 4.3)
      System.Runtime.Handles (>= 4.3)
      System.Runtime.InteropServices (>= 4.3)
      System.Runtime.Numerics (>= 4.3)
      System.Security.Cryptography.Algorithms (>= 4.3)
      System.Security.Cryptography.Cng (>= 4.3)
      System.Security.Cryptography.Csp (>= 4.3)
      System.Security.Cryptography.Encoding (>= 4.3)
      System.Security.Cryptography.OpenSsl (>= 4.3)
      System.Security.Cryptography.Primitives (>= 4.3)
      System.Text.Encoding (>= 4.3)
      System.Threading (>= 4.3)
    System.Security.Principal (4.3)
      System.Runtime (>= 4.3)
    System.Security.Principal.Windows (5.0)
    System.Security.SecureString (4.3)
      Microsoft.NETCore.Platforms (>= 1.1)
      System.Resources.ResourceManager (>= 4.3)
      System.Runtime (>= 4.3)
      System.Runtime.Handles (>= 4.3)
      System.Runtime.InteropServices (>= 4.3)
      System.Security.Cryptography.Primitives (>= 4.3)
      System.Text.Encoding (>= 4.3)
      System.Threading (>= 4.3)
    System.Text.Encoding (4.3)
      Microsoft.NETCore.Platforms (>= 1.1)
      Microsoft.NETCore.Targets (>= 1.1)
      System.Runtime (>= 4.3)
    System.Text.Encodings.Web (8.0)
    System.Text.Json (8.0.3)
      System.Text.Encodings.Web (>= 8.0)
    System.Threading (4.3)
      System.Runtime (>= 4.3)
      System.Threading.Tasks (>= 4.3)
    System.Threading.Overlapped (4.3)
      Microsoft.NETCore.Platforms (>= 1.1)
      System.Resources.ResourceManager (>= 4.3)
      System.Runtime (>= 4.3)
      System.Runtime.Handles (>= 4.3)
    System.Threading.Tasks (4.3)
      Microsoft.NETCore.Platforms (>= 1.1)
      Microsoft.NETCore.Targets (>= 1.1)
      System.Runtime (>= 4.3)
    System.Threading.Tasks.Extensions (4.5.4)
    System.Threading.Thread (4.3)
      System.Runtime (>= 4.3)
    System.Threading.ThreadPool (4.3)
      System.Runtime (>= 4.3)
      System.Runtime.Handles (>= 4.3)
    System.ValueTuple (4.5)

GROUP Docs
RESTRICTION: == net8.0
NUGET
  remote: https://api.nuget.org/v3/index.json
    Fable.AST (4.5)
    Fable.Browser.Blob (1.4)
      Fable.Core (>= 3.2.8)
      FSharp.Core (>= 4.7.2)
    Fable.Browser.Dom (2.16)
      Fable.Browser.Blob (>= 1.3)
      Fable.Browser.Event (>= 1.5)
      Fable.Browser.WebStorage (>= 1.2)
      Fable.Core (>= 3.2.8)
      FSharp.Core (>= 4.7.2)
    Fable.Browser.Event (1.6)
      Fable.Browser.Gamepad (>= 1.3)
      Fable.Core (>= 3.2.8)
      FSharp.Core (>= 4.7.2)
    Fable.Browser.Gamepad (1.3)
      Fable.Core (>= 3.2.8)
      FSharp.Core (>= 4.7.2)
    Fable.Browser.WebStorage (1.3)
      Fable.Browser.Event (>= 1.6)
      Fable.Core (>= 3.2.8)
      FSharp.Core (>= 4.7.2)
    Fable.Browser.XMLHttpRequest (1.4)
      Fable.Browser.Blob (>= 1.4)
      Fable.Browser.Event (>= 1.6)
      Fable.Core (>= 3.2.8)
      FSharp.Core (>= 4.7.2)
    Fable.Core (4.3)
    Fable.Elmish (4.1)
      Fable.Core (>= 3.7.1)
      FSharp.Core (>= 4.7.2)
    Fable.React.Types (18.3)
      Fable.Browser.Dom (>= 2.4.4)
      Fable.Core (>= 3.2.7)
      FSharp.Core (>= 4.7.2)
    Fable.ReactDom.Types (18.2)
      Fable.React.Types (>= 18.3)
      FSharp.Core (>= 4.7.2)
    Fable.SimpleHttp (3.6)
      Fable.Browser.Dom (>= 1.0)
      Fable.Browser.XMLHttpRequest (>= 1.1)
      Fable.Core (>= 3.0)
      FSharp.Core (>= 4.6.2)
    Feliz (2.7)
      Fable.ReactDom.Types (>= 18.2)
      Feliz.CompilerPlugins (>= 2.2)
      FSharp.Core (>= 4.7.2)
    Feliz.Bulma (3.0)
      Feliz (>= 2.4)
      FSharp.Core (>= 4.7.2)
    Feliz.CompilerPlugins (2.2)
      Fable.AST (>= 4.2.1)
      FSharp.Core (>= 4.7.2)
    Feliz.ElmishComponents (1.2)
      Feliz.UseElmish (>= 1.2.1)
      FSharp.Core (>= 4.7)
    Feliz.Markdown (2.4)
      Feliz (>= 2.4)
      FSharp.Core (>= 4.7.2)
    Feliz.Popover (3.0)
      Feliz (>= 2.0)
      FSharp.Core (>= 4.7.2)
    Feliz.Router (4.0)
      Fable.Elmish (>= 4.0)
      Feliz (>= 2.3)
      FSharp.Core (>= 4.7.2)
    Feliz.UseDeferred (2.0)
      Feliz (>= 2.0)
      FSharp.Core (>= 4.7.2)
    Feliz.UseElmish (2.5)
      Fable.Elmish (>= 4.0)
      FSharp.Core (>= 4.7.2)
    FSharp.Core (8.0.300)
    Zanaptak.TypedCssClasses (1.0)
      FSharp.Core (>= 4.3.4)

GROUP Test
STORAGE: NONE
RESTRICTION: == net8.0
NUGET
  remote: https://api.nuget.org/v3/index.json
    Expecto (10.2.1)
      FSharp.Core (>= 7.0.200)
      Mono.Cecil (>= 0.11.4 < 1.0)
    FSharp.Core (8.0.300)
    Microsoft.Azure.Cosmos.Table (1.0.8)
      Microsoft.Azure.DocumentDB.Core (>= 2.11.2)
      Microsoft.OData.Core (>= 7.6.4)
      Newtonsoft.Json (>= 10.0.2)
    Microsoft.Azure.DocumentDB.Core (2.22)
      NETStandard.Library (>= 1.6)
      Newtonsoft.Json (>= 9.0.1)
      System.Collections.Immutable (>= 1.3)
      System.Collections.NonGeneric (>= 4.0.1)
      System.Collections.Specialized (>= 4.0.1)
      System.Diagnostics.TraceSource (>= 4.0)
      System.Dynamic.Runtime (>= 4.0.11)
      System.Linq.Queryable (>= 4.0.1)
      System.Net.Http (>= 4.3.4)
      System.Net.NameResolution (>= 4.0)
      System.Net.NetworkInformation (>= 4.1)
      System.Net.Requests (>= 4.0.11)
      System.Net.Security (>= 4.3.2)
      System.Net.WebHeaderCollection (>= 4.0.1)
      System.Runtime.Serialization.Primitives (>= 4.1.1)
      System.Security.SecureString (>= 4.0)
      System.Threading.Tasks.Extensions (>= 4.5.4)
      System.ValueTuple (>= 4.5)
    Microsoft.Bcl.AsyncInterfaces (8.0)
    Microsoft.Extensions.Configuration (8.0)
      Microsoft.Extensions.Configuration.Abstractions (>= 8.0)
      Microsoft.Extensions.Primitives (>= 8.0)
    Microsoft.Extensions.Configuration.Abstractions (8.0)
      Microsoft.Extensions.Primitives (>= 8.0)
    Microsoft.Extensions.Configuration.FileExtensions (8.0)
      Microsoft.Extensions.Configuration (>= 8.0)
      Microsoft.Extensions.Configuration.Abstractions (>= 8.0)
      Microsoft.Extensions.FileProviders.Abstractions (>= 8.0)
      Microsoft.Extensions.FileProviders.Physical (>= 8.0)
      Microsoft.Extensions.Primitives (>= 8.0)
    Microsoft.Extensions.Configuration.Json (8.0)
      Microsoft.Extensions.Configuration (>= 8.0)
      Microsoft.Extensions.Configuration.Abstractions (>= 8.0)
      Microsoft.Extensions.Configuration.FileExtensions (>= 8.0)
      Microsoft.Extensions.FileProviders.Abstractions (>= 8.0)
      System.Text.Json (>= 8.0)
    Microsoft.Extensions.FileProviders.Abstractions (8.0)
      Microsoft.Extensions.Primitives (>= 8.0)
    Microsoft.Extensions.FileProviders.Physical (8.0)
      Microsoft.Extensions.FileProviders.Abstractions (>= 8.0)
      Microsoft.Extensions.FileSystemGlobbing (>= 8.0)
      Microsoft.Extensions.Primitives (>= 8.0)
    Microsoft.Extensions.FileSystemGlobbing (8.0)
    Microsoft.Extensions.ObjectPool (8.0.6)
    Microsoft.Extensions.Primitives (8.0)
    Microsoft.NETCore.Platforms (7.0.4)
    Microsoft.NETCore.Targets (5.0)
    Microsoft.OData.Core (7.21.2)
      Microsoft.Bcl.AsyncInterfaces (>= 8.0)
      Microsoft.Extensions.ObjectPool (>= 6.0.3)
      Microsoft.OData.Edm (7.21.2)
      Microsoft.Spatial (7.21.2)
    Microsoft.OData.Edm (7.21.2)
      System.Runtime.CompilerServices.Unsafe (>= 4.6)
      System.Text.Encodings.Web (>= 4.7.2)
      System.Text.Json (>= 4.6)
    Microsoft.Spatial (7.21.2)
    Microsoft.Win32.Primitives (4.3)
      Microsoft.NETCore.Platforms (>= 1.1)
      Microsoft.NETCore.Targets (>= 1.1)
      System.Runtime (>= 4.3)
    Mono.Cecil (0.11.5)
    NETStandard.Library (2.0.3)
      Microsoft.NETCore.Platforms (>= 1.1)
    Newtonsoft.Json (13.0.3)
    runtime.debian.8-x64.runtime.native.System.Security.Cryptography.OpenSsl (4.3.3)
    runtime.debian.9-x64.runtime.native.System.Security.Cryptography.OpenSsl (4.3.3)
    runtime.fedora.23-x64.runtime.native.System.Security.Cryptography.OpenSsl (4.3.3)
    runtime.fedora.24-x64.runtime.native.System.Security.Cryptography.OpenSsl (4.3.3)
    runtime.fedora.27-x64.runtime.native.System.Security.Cryptography.OpenSsl (4.3.3)
    runtime.fedora.28-x64.runtime.native.System.Security.Cryptography.OpenSsl (4.3.3)
    runtime.native.System (4.3.1)
      Microsoft.NETCore.Platforms (>= 1.1.1)
      Microsoft.NETCore.Targets (>= 1.1.3)
    runtime.native.System.Net.Http (4.3.1)
      Microsoft.NETCore.Platforms (>= 1.1.1)
      Microsoft.NETCore.Targets (>= 1.1.3)
    runtime.native.System.Net.Security (4.3.1)
      Microsoft.NETCore.Platforms (>= 1.1.1)
      Microsoft.NETCore.Targets (>= 1.1.3)
    runtime.native.System.Security.Cryptography.Apple (4.3.1)
      runtime.osx.10.10-x64.runtime.native.System.Security.Cryptography.Apple (>= 4.3.1)
    runtime.native.System.Security.Cryptography.OpenSsl (4.3.3)
      runtime.debian.8-x64.runtime.native.System.Security.Cryptography.OpenSsl (>= 4.3.3)
      runtime.debian.9-x64.runtime.native.System.Security.Cryptography.OpenSsl (>= 4.3.3)
      runtime.fedora.23-x64.runtime.native.System.Security.Cryptography.OpenSsl (>= 4.3.3)
      runtime.fedora.24-x64.runtime.native.System.Security.Cryptography.OpenSsl (>= 4.3.3)
      runtime.fedora.27-x64.runtime.native.System.Security.Cryptography.OpenSsl (>= 4.3.3)
      runtime.fedora.28-x64.runtime.native.System.Security.Cryptography.OpenSsl (>= 4.3.3)
      runtime.opensuse.13.2-x64.runtime.native.System.Security.Cryptography.OpenSsl (>= 4.3.3)
      runtime.opensuse.42.1-x64.runtime.native.System.Security.Cryptography.OpenSsl (>= 4.3.3)
      runtime.opensuse.42.3-x64.runtime.native.System.Security.Cryptography.OpenSsl (>= 4.3.3)
      runtime.osx.10.10-x64.runtime.native.System.Security.Cryptography.OpenSsl (>= 4.3.3)
      runtime.rhel.7-x64.runtime.native.System.Security.Cryptography.OpenSsl (>= 4.3.3)
      runtime.ubuntu.14.04-x64.runtime.native.System.Security.Cryptography.OpenSsl (>= 4.3.3)
      runtime.ubuntu.16.04-x64.runtime.native.System.Security.Cryptography.OpenSsl (>= 4.3.3)
      runtime.ubuntu.16.10-x64.runtime.native.System.Security.Cryptography.OpenSsl (>= 4.3.3)
      runtime.ubuntu.18.04-x64.runtime.native.System.Security.Cryptography.OpenSsl (>= 4.3.3)
    runtime.opensuse.13.2-x64.runtime.native.System.Security.Cryptography.OpenSsl (4.3.3)
    runtime.opensuse.42.1-x64.runtime.native.System.Security.Cryptography.OpenSsl (4.3.3)
    runtime.opensuse.42.3-x64.runtime.native.System.Security.Cryptography.OpenSsl (4.3.3)
    runtime.osx.10.10-x64.runtime.native.System.Security.Cryptography.Apple (4.3.1)
    runtime.osx.10.10-x64.runtime.native.System.Security.Cryptography.OpenSsl (4.3.3)
    runtime.rhel.7-x64.runtime.native.System.Security.Cryptography.OpenSsl (4.3.3)
    runtime.ubuntu.14.04-x64.runtime.native.System.Security.Cryptography.OpenSsl (4.3.3)
    runtime.ubuntu.16.04-x64.runtime.native.System.Security.Cryptography.OpenSsl (4.3.3)
    runtime.ubuntu.16.10-x64.runtime.native.System.Security.Cryptography.OpenSsl (4.3.3)
    runtime.ubuntu.18.04-x64.runtime.native.System.Security.Cryptography.OpenSsl (4.3.3)
    System.Collections (4.3)
      Microsoft.NETCore.Platforms (>= 1.1)
      Microsoft.NETCore.Targets (>= 1.1)
      System.Runtime (>= 4.3)
    System.Collections.Concurrent (4.3)
      System.Collections (>= 4.3)
      System.Diagnostics.Debug (>= 4.3)
      System.Diagnostics.Tracing (>= 4.3)
      System.Globalization (>= 4.3)
      System.Reflection (>= 4.3)
      System.Resources.ResourceManager (>= 4.3)
      System.Runtime (>= 4.3)
      System.Runtime.Extensions (>= 4.3)
      System.Threading (>= 4.3)
      System.Threading.Tasks (>= 4.3)
    System.Collections.Immutable (8.0)
    System.Collections.NonGeneric (4.3)
      System.Diagnostics.Debug (>= 4.3)
      System.Globalization (>= 4.3)
      System.Resources.ResourceManager (>= 4.3)
      System.Runtime (>= 4.3)
      System.Runtime.Extensions (>= 4.3)
      System.Threading (>= 4.3)
    System.Collections.Specialized (4.3)
      System.Collections.NonGeneric (>= 4.3)
      System.Globalization (>= 4.3)
      System.Globalization.Extensions (>= 4.3)
      System.Resources.ResourceManager (>= 4.3)
      System.Runtime (>= 4.3)
      System.Runtime.Extensions (>= 4.3)
      System.Threading (>= 4.3)
    System.Diagnostics.Debug (4.3)
      Microsoft.NETCore.Platforms (>= 1.1)
      Microsoft.NETCore.Targets (>= 1.1)
      System.Runtime (>= 4.3)
    System.Diagnostics.DiagnosticSource (8.0.1)
    System.Diagnostics.TraceSource (4.3)
      Microsoft.NETCore.Platforms (>= 1.1)
      runtime.native.System (>= 4.3)
      System.Collections (>= 4.3)
      System.Diagnostics.Debug (>= 4.3)
      System.Globalization (>= 4.3)
      System.Resources.ResourceManager (>= 4.3)
      System.Runtime (>= 4.3)
      System.Runtime.Extensions (>= 4.3)
      System.Threading (>= 4.3)
    System.Diagnostics.Tracing (4.3)
      Microsoft.NETCore.Platforms (>= 1.1)
      Microsoft.NETCore.Targets (>= 1.1)
      System.Runtime (>= 4.3)
    System.Dynamic.Runtime (4.3)
      System.Collections (>= 4.3)
      System.Diagnostics.Debug (>= 4.3)
      System.Linq (>= 4.3)
      System.Linq.Expressions (>= 4.3)
      System.ObjectModel (>= 4.3)
      System.Reflection (>= 4.3)
      System.Reflection.Emit (>= 4.3)
      System.Reflection.Emit.ILGeneration (>= 4.3)
      System.Reflection.Primitives (>= 4.3)
      System.Reflection.TypeExtensions (>= 4.3)
      System.Resources.ResourceManager (>= 4.3)
      System.Runtime (>= 4.3)
      System.Runtime.Extensions (>= 4.3)
      System.Threading (>= 4.3)
    System.Formats.Asn1 (8.0)
    System.Globalization (4.3)
      Microsoft.NETCore.Platforms (>= 1.1)
      Microsoft.NETCore.Targets (>= 1.1)
      System.Runtime (>= 4.3)
    System.Globalization.Calendars (4.3)
      Microsoft.NETCore.Platforms (>= 1.1)
      Microsoft.NETCore.Targets (>= 1.1)
      System.Globalization (>= 4.3)
      System.Runtime (>= 4.3)
    System.Globalization.Extensions (4.3)
      Microsoft.NETCore.Platforms (>= 1.1)
      System.Globalization (>= 4.3)
      System.Resources.ResourceManager (>= 4.3)
      System.Runtime (>= 4.3)
      System.Runtime.Extensions (>= 4.3)
      System.Runtime.InteropServices (>= 4.3)
    System.IO (4.3)
      Microsoft.NETCore.Platforms (>= 1.1)
      Microsoft.NETCore.Targets (>= 1.1)
      System.Runtime (>= 4.3)
      System.Text.Encoding (>= 4.3)
      System.Threading.Tasks (>= 4.3)
    System.IO.FileSystem (4.3)
      Microsoft.NETCore.Platforms (>= 1.1)
      Microsoft.NETCore.Targets (>= 1.1)
      System.IO (>= 4.3)
      System.IO.FileSystem.Primitives (>= 4.3)
      System.Runtime (>= 4.3)
      System.Runtime.Handles (>= 4.3)
      System.Text.Encoding (>= 4.3)
      System.Threading.Tasks (>= 4.3)
    System.IO.FileSystem.Primitives (4.3)
      System.Runtime (>= 4.3)
    System.Linq (4.3)
      System.Collections (>= 4.3)
      System.Diagnostics.Debug (>= 4.3)
      System.Resources.ResourceManager (>= 4.3)
      System.Runtime (>= 4.3)
      System.Runtime.Extensions (>= 4.3)
    System.Linq.Expressions (4.3)
      System.Collections (>= 4.3)
      System.Diagnostics.Debug (>= 4.3)
      System.Globalization (>= 4.3)
      System.IO (>= 4.3)
      System.Linq (>= 4.3)
      System.ObjectModel (>= 4.3)
      System.Reflection (>= 4.3)
      System.Reflection.Emit (>= 4.3)
      System.Reflection.Emit.ILGeneration (>= 4.3)
      System.Reflection.Emit.Lightweight (>= 4.3)
      System.Reflection.Extensions (>= 4.3)
      System.Reflection.Primitives (>= 4.3)
      System.Reflection.TypeExtensions (>= 4.3)
      System.Resources.ResourceManager (>= 4.3)
      System.Runtime (>= 4.3)
      System.Runtime.Extensions (>= 4.3)
      System.Threading (>= 4.3)
    System.Linq.Queryable (4.3)
      System.Collections (>= 4.3)
      System.Diagnostics.Debug (>= 4.3)
      System.Linq (>= 4.3)
      System.Linq.Expressions (>= 4.3)
      System.Reflection (>= 4.3)
      System.Reflection.Extensions (>= 4.3)
      System.Resources.ResourceManager (>= 4.3)
      System.Runtime (>= 4.3)
    System.Net.Http (4.3.4)
      Microsoft.NETCore.Platforms (>= 1.1.1)
      runtime.native.System (>= 4.3)
      runtime.native.System.Net.Http (>= 4.3)
      runtime.native.System.Security.Cryptography.OpenSsl (>= 4.3.2)
      System.Collections (>= 4.3)
      System.Diagnostics.Debug (>= 4.3)
      System.Diagnostics.DiagnosticSource (>= 4.3)
      System.Diagnostics.Tracing (>= 4.3)
      System.Globalization (>= 4.3)
      System.Globalization.Extensions (>= 4.3)
      System.IO (>= 4.3)
      System.IO.FileSystem (>= 4.3)
      System.Net.Primitives (>= 4.3)
      System.Resources.ResourceManager (>= 4.3)
      System.Runtime (>= 4.3)
      System.Runtime.Extensions (>= 4.3)
      System.Runtime.Handles (>= 4.3)
      System.Runtime.InteropServices (>= 4.3)
      System.Security.Cryptography.Algorithms (>= 4.3)
      System.Security.Cryptography.Encoding (>= 4.3)
      System.Security.Cryptography.OpenSsl (>= 4.3)
      System.Security.Cryptography.Primitives (>= 4.3)
      System.Security.Cryptography.X509Certificates (>= 4.3)
      System.Text.Encoding (>= 4.3)
      System.Threading (>= 4.3)
      System.Threading.Tasks (>= 4.3)
    System.Net.NameResolution (4.3)
      Microsoft.NETCore.Platforms (>= 1.1)
      runtime.native.System (>= 4.3)
      System.Collections (>= 4.3)
      System.Diagnostics.Tracing (>= 4.3)
      System.Globalization (>= 4.3)
      System.Net.Primitives (>= 4.3)
      System.Resources.ResourceManager (>= 4.3)
      System.Runtime (>= 4.3)
      System.Runtime.Extensions (>= 4.3)
      System.Runtime.Handles (>= 4.3)
      System.Runtime.InteropServices (>= 4.3)
      System.Security.Principal.Windows (>= 4.3)
      System.Threading (>= 4.3)
      System.Threading.Tasks (>= 4.3)
    System.Net.NetworkInformation (4.3)
      Microsoft.NETCore.Platforms (>= 1.1)
      Microsoft.Win32.Primitives (>= 4.3)
      runtime.native.System (>= 4.3)
      System.Collections (>= 4.3)
      System.Diagnostics.Tracing (>= 4.3)
      System.Globalization (>= 4.3)
      System.IO (>= 4.3)
      System.IO.FileSystem (>= 4.3)
      System.IO.FileSystem.Primitives (>= 4.3)
      System.Linq (>= 4.3)
      System.Net.Primitives (>= 4.3)
      System.Net.Sockets (>= 4.3)
      System.Resources.ResourceManager (>= 4.3)
      System.Runtime (>= 4.3)
      System.Runtime.Extensions (>= 4.3)
      System.Runtime.Handles (>= 4.3)
      System.Runtime.InteropServices (>= 4.3)
      System.Security.Principal.Windows (>= 4.3)
      System.Threading (>= 4.3)
      System.Threading.Overlapped (>= 4.3)
      System.Threading.Tasks (>= 4.3)
      System.Threading.Thread (>= 4.3)
      System.Threading.ThreadPool (>= 4.3)
    System.Net.Primitives (4.3.1)
      Microsoft.NETCore.Platforms (>= 1.1.1)
      Microsoft.NETCore.Targets (>= 1.1.3)
      System.Runtime (>= 4.3.1)
      System.Runtime.Handles (>= 4.3)
    System.Net.Requests (4.3)
      Microsoft.NETCore.Platforms (>= 1.1)
      System.Collections (>= 4.3)
      System.Diagnostics.Debug (>= 4.3)
      System.Diagnostics.Tracing (>= 4.3)
      System.Globalization (>= 4.3)
      System.IO (>= 4.3)
      System.Net.Http (>= 4.3)
      System.Net.Primitives (>= 4.3)
      System.Net.WebHeaderCollection (>= 4.3)
      System.Resources.ResourceManager (>= 4.3)
      System.Runtime (>= 4.3)
      System.Threading (>= 4.3)
      System.Threading.Tasks (>= 4.3)
    System.Net.Security (4.3.2)
      Microsoft.NETCore.Platforms (>= 1.1)
      Microsoft.Win32.Primitives (>= 4.3)
      runtime.native.System (>= 4.3)
      runtime.native.System.Net.Security (>= 4.3)
      runtime.native.System.Security.Cryptography.OpenSsl (>= 4.3.2)
      System.Collections (>= 4.3)
      System.Collections.Concurrent (>= 4.3)
      System.Diagnostics.Tracing (>= 4.3)
      System.Globalization (>= 4.3)
      System.Globalization.Extensions (>= 4.3)
      System.IO (>= 4.3)
      System.Net.Primitives (>= 4.3)
      System.Resources.ResourceManager (>= 4.3)
      System.Runtime (>= 4.3)
      System.Runtime.Extensions (>= 4.3)
      System.Runtime.Handles (>= 4.3)
      System.Runtime.InteropServices (>= 4.3)
      System.Security.Claims (>= 4.3)
      System.Security.Cryptography.Algorithms (>= 4.3)
      System.Security.Cryptography.Encoding (>= 4.3)
      System.Security.Cryptography.OpenSsl (>= 4.3)
      System.Security.Cryptography.Primitives (>= 4.3)
      System.Security.Cryptography.X509Certificates (>= 4.3)
      System.Security.Principal (>= 4.3)
      System.Text.Encoding (>= 4.3)
      System.Threading (>= 4.3)
      System.Threading.Tasks (>= 4.3)
      System.Threading.ThreadPool (>= 4.3)
    System.Net.Sockets (4.3)
      Microsoft.NETCore.Platforms (>= 1.1)
      Microsoft.NETCore.Targets (>= 1.1)
      System.IO (>= 4.3)
      System.Net.Primitives (>= 4.3)
      System.Runtime (>= 4.3)
      System.Threading.Tasks (>= 4.3)
    System.Net.WebHeaderCollection (4.3)
      System.Collections (>= 4.3)
      System.Resources.ResourceManager (>= 4.3)
      System.Runtime (>= 4.3)
      System.Runtime.Extensions (>= 4.3)
    System.ObjectModel (4.3)
      System.Collections (>= 4.3)
      System.Diagnostics.Debug (>= 4.3)
      System.Resources.ResourceManager (>= 4.3)
      System.Runtime (>= 4.3)
      System.Threading (>= 4.3)
    System.Reflection (4.3)
      Microsoft.NETCore.Platforms (>= 1.1)
      Microsoft.NETCore.Targets (>= 1.1)
      System.IO (>= 4.3)
      System.Reflection.Primitives (>= 4.3)
      System.Runtime (>= 4.3)
    System.Reflection.Emit (4.7)
    System.Reflection.Emit.ILGeneration (4.7)
    System.Reflection.Emit.Lightweight (4.7)
    System.Reflection.Extensions (4.3)
      Microsoft.NETCore.Platforms (>= 1.1)
      Microsoft.NETCore.Targets (>= 1.1)
      System.Reflection (>= 4.3)
      System.Runtime (>= 4.3)
    System.Reflection.Primitives (4.3)
      Microsoft.NETCore.Platforms (>= 1.1)
      Microsoft.NETCore.Targets (>= 1.1)
      System.Runtime (>= 4.3)
    System.Reflection.TypeExtensions (4.7)
    System.Resources.ResourceManager (4.3)
      Microsoft.NETCore.Platforms (>= 1.1)
      Microsoft.NETCore.Targets (>= 1.1)
      System.Globalization (>= 4.3)
      System.Reflection (>= 4.3)
      System.Runtime (>= 4.3)
    System.Runtime (4.3.1)
      Microsoft.NETCore.Platforms (>= 1.1.1)
      Microsoft.NETCore.Targets (>= 1.1.3)
    System.Runtime.CompilerServices.Unsafe (6.0)
    System.Runtime.Extensions (4.3.1)
      Microsoft.NETCore.Platforms (>= 1.1.1)
      Microsoft.NETCore.Targets (>= 1.1.3)
      System.Runtime (>= 4.3.1)
    System.Runtime.Handles (4.3)
      Microsoft.NETCore.Platforms (>= 1.1)
      Microsoft.NETCore.Targets (>= 1.1)
      System.Runtime (>= 4.3)
    System.Runtime.InteropServices (4.3)
      Microsoft.NETCore.Platforms (>= 1.1)
      Microsoft.NETCore.Targets (>= 1.1)
      System.Reflection (>= 4.3)
      System.Reflection.Primitives (>= 4.3)
      System.Runtime (>= 4.3)
      System.Runtime.Handles (>= 4.3)
    System.Runtime.Numerics (4.3)
      System.Globalization (>= 4.3)
      System.Resources.ResourceManager (>= 4.3)
      System.Runtime (>= 4.3)
      System.Runtime.Extensions (>= 4.3)
    System.Runtime.Serialization.Primitives (4.3)
      System.Resources.ResourceManager (>= 4.3)
      System.Runtime (>= 4.3)
    System.Security.Claims (4.3)
      System.Collections (>= 4.3)
      System.Globalization (>= 4.3)
      System.IO (>= 4.3)
      System.Resources.ResourceManager (>= 4.3)
      System.Runtime (>= 4.3)
      System.Runtime.Extensions (>= 4.3)
      System.Security.Principal (>= 4.3)
    System.Security.Cryptography.Algorithms (4.3.1)
      Microsoft.NETCore.Platforms (>= 1.1)
      runtime.native.System.Security.Cryptography.Apple (>= 4.3.1)
      runtime.native.System.Security.Cryptography.OpenSsl (>= 4.3.2)
      System.Collections (>= 4.3)
      System.IO (>= 4.3)
      System.Resources.ResourceManager (>= 4.3)
      System.Runtime (>= 4.3)
      System.Runtime.Extensions (>= 4.3)
      System.Runtime.Handles (>= 4.3)
      System.Runtime.InteropServices (>= 4.3)
      System.Runtime.Numerics (>= 4.3)
      System.Security.Cryptography.Encoding (>= 4.3)
      System.Security.Cryptography.Primitives (>= 4.3)
      System.Text.Encoding (>= 4.3)
    System.Security.Cryptography.Cng (5.0)
      System.Formats.Asn1 (>= 5.0)
    System.Security.Cryptography.Csp (4.3)
      Microsoft.NETCore.Platforms (>= 1.1)
      System.IO (>= 4.3)
      System.Reflection (>= 4.3)
      System.Resources.ResourceManager (>= 4.3)
      System.Runtime (>= 4.3)
      System.Runtime.Extensions (>= 4.3)
      System.Runtime.Handles (>= 4.3)
      System.Runtime.InteropServices (>= 4.3)
      System.Security.Cryptography.Algorithms (>= 4.3)
      System.Security.Cryptography.Encoding (>= 4.3)
      System.Security.Cryptography.Primitives (>= 4.3)
      System.Text.Encoding (>= 4.3)
      System.Threading (>= 4.3)
    System.Security.Cryptography.Encoding (4.3)
      Microsoft.NETCore.Platforms (>= 1.1)
      runtime.native.System.Security.Cryptography.OpenSsl (>= 4.3)
      System.Collections (>= 4.3)
      System.Collections.Concurrent (>= 4.3)
      System.Linq (>= 4.3)
      System.Resources.ResourceManager (>= 4.3)
      System.Runtime (>= 4.3)
      System.Runtime.Extensions (>= 4.3)
      System.Runtime.Handles (>= 4.3)
      System.Runtime.InteropServices (>= 4.3)
      System.Security.Cryptography.Primitives (>= 4.3)
      System.Text.Encoding (>= 4.3)
    System.Security.Cryptography.OpenSsl (5.0)
      System.Formats.Asn1 (>= 5.0)
    System.Security.Cryptography.Primitives (4.3)
      System.Diagnostics.Debug (>= 4.3)
      System.Globalization (>= 4.3)
      System.IO (>= 4.3)
      System.Resources.ResourceManager (>= 4.3)
      System.Runtime (>= 4.3)
      System.Threading (>= 4.3)
      System.Threading.Tasks (>= 4.3)
    System.Security.Cryptography.X509Certificates (4.3.2)
      Microsoft.NETCore.Platforms (>= 1.1)
      runtime.native.System (>= 4.3)
      runtime.native.System.Net.Http (>= 4.3)
      runtime.native.System.Security.Cryptography.OpenSsl (>= 4.3.2)
      System.Collections (>= 4.3)
      System.Diagnostics.Debug (>= 4.3)
      System.Globalization (>= 4.3)
      System.Globalization.Calendars (>= 4.3)
      System.IO (>= 4.3)
      System.IO.FileSystem (>= 4.3)
      System.IO.FileSystem.Primitives (>= 4.3)
      System.Resources.ResourceManager (>= 4.3)
      System.Runtime (>= 4.3)
      System.Runtime.Extensions (>= 4.3)
      System.Runtime.Handles (>= 4.3)
      System.Runtime.InteropServices (>= 4.3)
      System.Runtime.Numerics (>= 4.3)
      System.Security.Cryptography.Algorithms (>= 4.3)
      System.Security.Cryptography.Cng (>= 4.3)
      System.Security.Cryptography.Csp (>= 4.3)
      System.Security.Cryptography.Encoding (>= 4.3)
      System.Security.Cryptography.OpenSsl (>= 4.3)
      System.Security.Cryptography.Primitives (>= 4.3)
      System.Text.Encoding (>= 4.3)
      System.Threading (>= 4.3)
    System.Security.Principal (4.3)
      System.Runtime (>= 4.3)
    System.Security.Principal.Windows (5.0)
    System.Security.SecureString (4.3)
      Microsoft.NETCore.Platforms (>= 1.1)
      System.Resources.ResourceManager (>= 4.3)
      System.Runtime (>= 4.3)
      System.Runtime.Handles (>= 4.3)
      System.Runtime.InteropServices (>= 4.3)
      System.Security.Cryptography.Primitives (>= 4.3)
      System.Text.Encoding (>= 4.3)
      System.Threading (>= 4.3)
    System.Text.Encoding (4.3)
      Microsoft.NETCore.Platforms (>= 1.1)
      Microsoft.NETCore.Targets (>= 1.1)
      System.Runtime (>= 4.3)
    System.Text.Encodings.Web (8.0)
    System.Text.Json (8.0.3)
      System.Text.Encodings.Web (>= 8.0)
    System.Threading (4.3)
      System.Runtime (>= 4.3)
      System.Threading.Tasks (>= 4.3)
    System.Threading.Overlapped (4.3)
      Microsoft.NETCore.Platforms (>= 1.1)
      System.Resources.ResourceManager (>= 4.3)
      System.Runtime (>= 4.3)
      System.Runtime.Handles (>= 4.3)
    System.Threading.Tasks (4.3)
      Microsoft.NETCore.Platforms (>= 1.1)
      Microsoft.NETCore.Targets (>= 1.1)
      System.Runtime (>= 4.3)
    System.Threading.Tasks.Extensions (4.5.4)
    System.Threading.Thread (4.3)
      System.Runtime (>= 4.3)
    System.Threading.ThreadPool (4.3)
      System.Runtime (>= 4.3)
      System.Runtime.Handles (>= 4.3)
    System.ValueTuple (4.5)
